GEM
  remote: https://rubygems.org/
  specs:
    webrick (1.7.0)

PLATFORMS
  aarch64-linux-musl

DEPENDENCIES
  webrick (~> 1.7)

BUNDLED WITH
   2.3.19
